GEM
  remote: https://rubygems.org/
  specs:
    httparty (0.16.2)
      multi_xml (>= 0.5.2)
    multi_xml (0.6.0)
    slack-notifier (2.3.2)

PLATFORMS
  ruby

DEPENDENCIES
  httparty
  slack-notifier

BUNDLED WITH
   1.16.3
